GEM
  remote: https://rubygems.org/
  specs:
<<<<<<< HEAD
    CFPropertyList (2.3.2)
=======
>>>>>>> 961698b1369c8aae8de9fc786658e2e89ceca7de
    aasm (4.7.0)
    actionmailer (4.2.2)
      actionpack (= 4.2.2)
@@ -40,9 +43,16 @@ GEM
      tzinfo (~> 1.1)
    addressable (2.4.0)
    arel (6.0.0)
<<<<<<< HEAD
    autoprefixer-rails (6.3.6)
      execjs
    bcrypt (3.1.11)
=======
    autoprefixer-rails (6.1.2)
      execjs
      json
    bcrypt (3.1.10)
>>>>>>> 961698b1369c8aae8de9fc786658e2e89ceca7de
    binding_of_caller (0.7.2)
      debug_inspector (>= 0.0.1)
    bootstrap-sass (3.3.6)
@@ -67,6 +77,7 @@ GEM
    css_parser (1.3.7)
      addressable
    debug_inspector (0.0.2)
<<<<<<< HEAD
    delayed_job (4.1.1)
      activesupport (>= 3.0, < 5.0)
    delayed_job_active_record (4.1.0)
@@ -77,10 +88,19 @@ GEM
      orm_adapter (~> 0.1)
      railties (>= 4.1.0, < 5.1)
      responders
=======
    devise (3.5.3)
      bcrypt (~> 3.0)
      orm_adapter (~> 0.1)
      railties (>= 3.2.6, < 5)
      responders
      thread_safe (~> 0.1)
>>>>>>> 961698b1369c8aae8de9fc786658e2e89ceca7de
      warden (~> 1.2.3)
    erubis (2.7.0)
    excon (0.49.0)
    execjs (2.5.2)
<<<<<<< HEAD
    faraday (0.9.2)
      multipart-post (>= 1.2, < 3)
    figaro (1.1.1)
@@ -217,6 +237,10 @@ GEM
    font-awesome-rails (4.5.0.0)
      railties (>= 3.2, < 5.0)
    formatador (0.2.5)
=======
    font-awesome-rails (4.5.0.0)
      railties (>= 3.2, < 5.0)
>>>>>>> 961698b1369c8aae8de9fc786658e2e89ceca7de
    globalid (0.3.5)
      activesupport (>= 4.1.0)
    hashie (3.4.4)
@@ -249,6 +273,7 @@ GEM
    multipart-post (2.0.0)
    nokogiri (1.6.6.2)
      mini_portile (~> 0.6.0)
<<<<<<< HEAD
    oauth2 (1.1.0)
      faraday (>= 0.8, < 0.10)
      jwt (~> 1.0, < 1.5.2)
@@ -265,6 +290,9 @@ GEM
      omniauth (~> 1.2)
    orm_adapter (0.5.0)
    pay2go (0.1.0)
=======
    orm_adapter (0.5.0)
>>>>>>> 961698b1369c8aae8de9fc786658e2e89ceca7de
    pg (0.18.4)
    rack (1.6.4)
    rack-test (0.6.3)
@@ -291,8 +319,13 @@ GEM
    rails_12factor (0.0.3)
      rails_serve_static_assets
      rails_stdout_logging
<<<<<<< HEAD
    rails_serve_static_assets (0.0.5)
    rails_stdout_logging (0.0.5)
=======
    rails_serve_static_assets (0.0.4)
    rails_stdout_logging (0.0.4)
>>>>>>> 961698b1369c8aae8de9fc786658e2e89ceca7de
    railties (4.2.2)
      actionpack (= 4.2.2)
      activesupport (= 4.2.2)
@@ -305,6 +338,7 @@ GEM
      trollop
    rdoc (4.2.0)
      json (~> 1.4)
<<<<<<< HEAD
    responders (2.2.0)
      railties (>= 4.2.0, < 5.1)
    roadie (2.4.3)
@@ -312,6 +346,10 @@ GEM
      css_parser (~> 1.3.4)
      nokogiri (> 1.5.0)
      sprockets
=======
    responders (2.1.0)
      railties (>= 4.2.0, < 5)
>>>>>>> 961698b1369c8aae8de9fc786658e2e89ceca7de
    sass (3.4.15)
    sass-rails (5.0.3)
      railties (>= 4.0.0, < 5.0)
@@ -322,9 +360,15 @@ GEM
    sdoc (0.4.1)
      json (~> 1.7, >= 1.7.7)
      rdoc (~> 4.0)
<<<<<<< HEAD
    simple_form (3.2.1)
      actionpack (> 4, < 5.1)
      activemodel (> 4, < 5.1)
=======
    simple_form (3.2.0)
      actionpack (~> 4.0)
      activemodel (~> 4.0)
>>>>>>> 961698b1369c8aae8de9fc786658e2e89ceca7de
    spring (1.3.6)
    sprockets (3.2.0)
      rack (~> 1.0)
@@ -344,7 +388,11 @@ GEM
    uglifier (2.7.1)
      execjs (>= 0.3.0)
      json (>= 1.8.0)
<<<<<<< HEAD
    warden (1.2.6)
=======
    warden (1.2.4)
>>>>>>> 961698b1369c8aae8de9fc786658e2e89ceca7de
      rack (>= 1.0)
    web-console (2.1.3)
      activemodel (>= 4.0)
@@ -362,6 +410,7 @@ DEPENDENCIES
  byebug
  carrierwave
  coffee-rails (~> 4.1.0)
<<<<<<< HEAD
  delayed_job_active_record
  devise
  figaro
@@ -377,6 +426,16 @@ DEPENDENCIES
  rails (= 4.2.2)
  rails_12factor
  roadie (= 2.4.3)
=======
  devise
  font-awesome-rails
  jbuilder (~> 2.0)
  jquery-rails
  mini_magick
  pg
  rails (= 4.2.2)
  rails_12factor
>>>>>>> 961698b1369c8aae8de9fc786658e2e89ceca7de
  sass-rails (~> 5.0)
  sdoc (~> 0.4.0)
  simple_form
@@ -387,4 +446,8 @@ DEPENDENCIES
  web-console (~> 2.0)

BUNDLED WITH
<<<<<<< HEAD
   1.12.3
=======
   1.10.6
>>>>>>> 961698b1369c8aae8de9fc786658e2e89ceca7de
